GEM
  remote: https://rubygems.org/
  specs:
    passenger (6.0.4)
      rack
      rake (>= 0.8.1)
    rack (2.2.1)
    rake (13.0.1)

PLATFORMS
  ruby

DEPENDENCIES
  passenger
  rack

BUNDLED WITH
   2.0.1
