GEM
  remote: https://rubygems.org/
  specs:
    passenger (6.0.2)
      rack
      rake (>= 0.8.1)
    rack (2.1.1)
    rake (12.3.3)

PLATFORMS
  ruby

DEPENDENCIES
  passenger
  rack

BUNDLED WITH
   2.0.1
